GEM
  remote: https://rubygems.org/
  specs:
    diff-lcs (1.2.5)
    fuubar (2.0.0)
      rspec (~> 3.0)
      ruby-progressbar (~> 1.4)
    rack (1.5.2)
    rack-protection (1.5.3)
      rack
    rake (10.4.2)
    rspec (3.1.0)
      rspec-core (~> 3.1.0)
      rspec-expectations (~> 3.1.0)
      rspec-mocks (~> 3.1.0)
    rspec-core (3.1.7)
      rspec-support (~> 3.1.0)
    rspec-expectations (3.1.2)
      diff-lcs (>= 1.2.0, < 2.0)
      rspec-support (~> 3.1.0)
    rspec-mocks (3.1.3)
      rspec-support (~> 3.1.0)
    rspec-support (3.1.2)
    ruby-progressbar (1.7.0)
    sinatra (1.4.5)
      rack (~> 1.4)
      rack-protection (~> 1.4)
      tilt (~> 1.3, >= 1.3.4)
    tilt (1.4.1)
    warning_filter (0.0.6)

PLATFORMS
  ruby

DEPENDENCIES
  fuubar (~> 2.0.0)
  rake (~> 10.4.2)
  rspec (~> 3.1.0)
  sinatra
  warning_filter (~> 0.0.4)
